PATH
  remote: .
  specs:
    too_hot_to_handel (1.0.2)

GEM
  remote: https://rubygems.org/
  specs:
    coderay (1.1.2)
    colorize (0.8.1)
    method_source (0.9.2)
    mini_portile2 (2.8.0)
    nokogiri (1.13.4)
      mini_portile2 (~> 2.8.0)
      racc (~> 1.4)
    pry (0.12.2)
      coderay (~> 1.1.0)
      method_source (~> 0.9.0)
    racc (1.6.0)
    rake (10.5.0)

PLATFORMS
  ruby

DEPENDENCIES
  bundler (~> 1.10)
  colorize
  nokogiri (>= 1.8.2)
  pry
  rake (~> 10.0)
  too_hot_to_handel!

BUNDLED WITH
   1.17.3
